GEM
  remote: https://rubygems.org/
  specs:
    rouge (4.0.0)

PLATFORMS
  x86_64-darwin-21

DEPENDENCIES
  rouge

BUNDLED WITH
   2.3.11
